GIT
  remote: git://github.com/crnixon/rails_apps_composer.git
  revision: 3eec00384de505194da0f57a01cfa0f0db623bc8
  specs:
    rails_apps_composer (2.2.16)
      activesupport (>= 3.0.0)
      i18n
      rake
      thor

GEM
  remote: http://rubygems.org/
  specs:
    activesupport (3.2.8)
      i18n (~> 0.6)
      multi_json (~> 1.0)
    i18n (0.6.1)
    multi_json (1.3.6)
    rake (0.9.2.2)
    thor (0.16.0)

PLATFORMS
  ruby

DEPENDENCIES
  rails_apps_composer!
  rake
